GEM
  remote: https://rubygems.org/
  specs:
    dotenv (2.1.1)
    puma (3.4.0)
    rack (1.6.4)
    rack-protection (1.5.3)
      rack
    rake (11.2.2)
    sinatra (1.4.7)
      rack (~> 1.5)
      rack-protection (~> 1.4)
      tilt (>= 1.3, < 3)
    tilt (2.0.5)

PLATFORMS
  ruby

DEPENDENCIES
  dotenv
  puma
  rake
  sinatra

BUNDLED WITH
   1.11.2
